GIT
  remote: git://github.com/mLewisLogic/saddle.git
  revision: 55d0dc19fa4cf090ffe647fbcb618c4c6d019ce3
  ref: 55d0dc19fa4cf090ffe647fbcb618c4c6d019ce3
  specs:
    saddle (0.0.1)
      activesupport (~> 3.2.13)
      faraday (~> 0.8.6)
      faraday_middleware (~> 0.9.0)

GEM
  remote: https://rubygems.org/
  specs:
    activesupport (3.2.13)
      i18n (= 0.6.1)
      multi_json (~> 1.0)
    diff-lcs (1.2.1)
    faraday (0.8.7)
      multipart-post (~> 1.1)
    faraday_middleware (0.9.0)
      faraday (>= 0.7.4, < 0.9)
    i18n (0.6.1)
    multi_json (1.7.2)
    multipart-post (1.2.0)
    rspec (2.13.0)
      rspec-core (~> 2.13.0)
      rspec-expectations (~> 2.13.0)
      rspec-mocks (~> 2.13.0)
    rspec-core (2.13.0)
    rspec-expectations (2.13.0)
      diff-lcs (>= 1.1.3, < 2.0)
    rspec-instafail (0.2.4)
    rspec-mocks (2.13.0)

PLATFORMS
  ruby

DEPENDENCIES
  rspec (~> 2.13.0)
  rspec-instafail (~> 0.2)
  saddle!
