GIT
  remote: git://github.com/mLewisLogic/saddle.git
  revision: ce821756bebe6e39dd9c16d909e621dc31d0c96f
  ref: ce821756bebe6e39dd9c16d909e621dc31d0c96f
  specs:
    saddle (0.0.1)
      faraday (~> 0.8.6)
      faraday_middleware (~> 0.9.0)
      typhoeus (~> 0.6.2)

GEM
  remote: http://rubygems.org/
  specs:
    diff-lcs (1.2.1)
    ethon (0.5.10)
      ffi (~> 1.3.0)
      mime-types (~> 1.18)
    faraday (0.8.6)
      multipart-post (~> 1.1)
    faraday_middleware (0.9.0)
      faraday (>= 0.7.4, < 0.9)
    ffi (1.3.1)
    mime-types (1.21)
    multipart-post (1.2.0)
    rspec (2.13.0)
      rspec-core (~> 2.13.0)
      rspec-expectations (~> 2.13.0)
      rspec-mocks (~> 2.13.0)
    rspec-core (2.13.0)
    rspec-expectations (2.13.0)
      diff-lcs (>= 1.1.3, < 2.0)
    rspec-instafail (0.2.4)
    rspec-mocks (2.13.0)
    typhoeus (0.6.2)
      ethon (~> 0.5.10)

PLATFORMS
  ruby

DEPENDENCIES
  rspec (~> 2.13.0)
  rspec-instafail (~> 0.2)
  saddle!
