GIT
  remote: git://github.com/mLewisLogic/saddle.git
  revision: f1eec6d8cc8d7ff9c499eed8a56716a68abd3228
  ref: f1eec6d8cc8d7ff9c499eed8a56716a68abd3228
  specs:
    saddle (0.0.1)
      faraday (~> 0.8.6)
      faraday_middleware (~> 0.9.0)

GEM
  remote: http://rubygems.org/
  specs:
    diff-lcs (1.2.1)
    faraday (0.8.6)
      multipart-post (~> 1.1)
    faraday_middleware (0.9.0)
      faraday (>= 0.7.4, < 0.9)
    multipart-post (1.2.0)
    rspec (2.13.0)
      rspec-core (~> 2.13.0)
      rspec-expectations (~> 2.13.0)
      rspec-mocks (~> 2.13.0)
    rspec-core (2.13.0)
    rspec-expectations (2.13.0)
      diff-lcs (>= 1.1.3, < 2.0)
    rspec-instafail (0.2.4)
    rspec-mocks (2.13.0)

PLATFORMS
  ruby

DEPENDENCIES
  rspec (~> 2.13.0)
  rspec-instafail (~> 0.2)
  saddle!
