GIT
  remote: git://github.com/mLewisLogic/apiwrapper.git
  revision: 772fd95e103a8a5f8c344162c0899cb2786f8ef5
  ref: 772fd95e103a8a5f8c344162c0899cb2786f8ef5
  specs:
    apiwrapper (0.0.1)
      faraday (~> 0.8.6)
      faraday_middleware (~> 0.9.0)
      typhoeus (~> 0.6.2)

GEM
  remote: http://rubygems.org/
  specs:
    ethon (0.5.10)
      ffi (~> 1.3.0)
      mime-types (~> 1.18)
    faraday (0.8.6)
      multipart-post (~> 1.1)
    faraday_middleware (0.9.0)
      faraday (>= 0.7.4, < 0.9)
    ffi (1.3.1)
    mime-types (1.21)
    multipart-post (1.2.0)
    typhoeus (0.6.2)
      ethon (~> 0.5.10)

PLATFORMS
  ruby

DEPENDENCIES
  apiwrapper!
